PATH
  remote: .
  specs:
    typeform (0.0.2)
      hashie
      httparty
      json

GEM
  remote: https://rubygems.org/
  specs:
    addressable (2.5.1)
      public_suffix (~> 2.0, >= 2.0.2)
    crack (0.4.3)
      safe_yaml (~> 1.0.0)
    hashdiff (0.3.4)
    hashie (3.5.6)
    httparty (0.15.5)
      multi_xml (>= 0.5.2)
    json (2.1.0)
    minitest (5.10.2)
    multi_xml (0.6.0)
    public_suffix (2.0.5)
    rake (12.0.0)
    safe_yaml (1.0.4)
    vcr (3.0.3)
    webmock (3.0.1)
      addressable (>= 2.3.6)
      crack (>= 0.3.2)
      hashdiff

PLATFORMS
  ruby

DEPENDENCIES
  bundler (~> 1.15.2)
  minitest
  rake (~> 12.0)
  typeform!
  vcr
  webmock

BUNDLED WITH
   1.15.2
